PATH
  remote: .
  specs:
    redis_rate_limit (0.1.0)
      redis (~> 4.1.3)

GEM
  remote: https://rubygems.org/
  specs:
    diff-lcs (1.3)
    rake (10.0.4)
    redis (4.1.3)
    rspec (3.8.0)
      rspec-core (~> 3.8.0)
      rspec-expectations (~> 3.8.0)
      rspec-mocks (~> 3.8.0)
    rspec-core (3.8.0)
      rspec-support (~> 3.8.0)
    rspec-expectations (3.8.2)
      diff-lcs (>= 1.2.0, < 2.0)
      rspec-support (~> 3.8.0)
    rspec-mocks (3.8.0)
      diff-lcs (>= 1.2.0, < 2.0)
      rspec-support (~> 3.8.0)
    rspec-support (3.8.0)

PLATFORMS
  ruby

DEPENDENCIES
  bundler (~> 1.17)
  rake (~> 10.0)
  redis_rate_limit!
  rspec (~> 3.0)

BUNDLED WITH
   1.17.2
