PATH
  remote: .
  specs:
    nocoffee_redis_rate_limit (0.1.0)
      redis (>= 5)

GEM
  remote: https://rubygems.org/
  specs:
    connection_pool (2.3.0)
    diff-lcs (1.5.0)
    rake (13.0.6)
    redis (5.0.6)
      redis-client (>= 0.9.0)
    redis-client (0.13.0)
      connection_pool
    rspec (3.12.0)
      rspec-core (~> 3.12.0)
      rspec-expectations (~> 3.12.0)
      rspec-mocks (~> 3.12.0)
    rspec-core (3.12.1)
      rspec-support (~> 3.12.0)
    rspec-expectations (3.12.2)
      diff-lcs (>= 1.2.0, < 2.0)
      rspec-support (~> 3.12.0)
    rspec-mocks (3.12.3)
      diff-lcs (>= 1.2.0, < 2.0)
      rspec-support (~> 3.12.0)
    rspec-support (3.12.0)

PLATFORMS
  x86_64-darwin-21

DEPENDENCIES
  nocoffee_redis_rate_limit!
  rake (~> 13.0)
  rspec (~> 3.0)

BUNDLED WITH
   2.3.10
